GIT
  remote: git@github.com:equivalent/sinatra-content-for.git
  revision: 74e665e713726094b7f88e376e77a981784f9631
  specs:
    sinatra-content-for (0.2)
      sinatra

GEM
  remote: http://rubygems.org/
  specs:
    bourbon (1.4.0)
      sass (>= 3.1)
    coderay (1.0.5)
    haml (3.1.4)
    nokogiri (1.5.2)
    rack (1.4.1)
    rack-protection (1.2.0)
      rack
    redcarpet (2.1.1)
    sass (3.1.15)
    sinatra (1.3.2)
      rack (~> 1.3, >= 1.3.6)
      rack-protection (~> 1.2)
      tilt (~> 1.3, >= 1.3.3)
    tilt (1.3.3)

PLATFORMS
  ruby

DEPENDENCIES
  bourbon
  coderay
  haml
  nokogiri
  redcarpet
  sass
  sinatra
  sinatra-content-for!
