GEM
  remote: http://rubygems.org/
  specs:
    coderay (0.9.8)
    haml (3.1.2)
    nokogiri (1.5.0)
    rack (1.3.0)
    redcarpet (1.17.2)
    sinatra (1.2.6)
      rack (~> 1.1)
      tilt (< 2.0, >= 1.2.2)
    sinatra-content-for (0.2)
      sinatra
    tilt (1.3.2)

PLATFORMS
  ruby

DEPENDENCIES
  coderay
  haml
  nokogiri
  redcarpet
  sinatra
  sinatra-content-for (~> 0.2)
